GEM
  remote: https://rubygems.org/
  specs:
    git-version-bump (0.15.1)
    lotus-controller (0.4.4)
      lotus-utils (~> 0.5)
      lotus-validations (~> 0.3)
      rack (~> 1.5)
    lotus-utils (0.5.1)
    lotus-validations (0.3.0)
      lotus-utils (~> 0.4)
    minitest (5.6.0)
    rack (1.6.0)
    rack-contrib (1.4.0)
      git-version-bump (~> 0.15)
      rack (~> 1.4)
    rack-router (0.6.0)
    rake (10.4.2)

PLATFORMS
  ruby

DEPENDENCIES
  lotus-controller
  minitest
  rack
  rack-contrib
  rack-router
  rake
