GEM
  remote: https://rubygems.org/
  specs:
    lotus-controller (0.4.4)
      lotus-utils (~> 0.5)
      lotus-validations (~> 0.3)
      rack (~> 1.5)
    lotus-utils (0.5.1)
    lotus-validations (0.3.0)
      lotus-utils (~> 0.4)
    minitest (5.6.0)
    rack (1.6.0)
    rack-protection (1.5.3)
      rack
    rake (10.4.2)
    sinatra (1.4.5)
      rack (~> 1.4)
      rack-protection (~> 1.4)
      tilt (~> 1.3, >= 1.3.4)
    tilt (1.4.1)

PLATFORMS
  ruby

DEPENDENCIES
  lotus-controller
  minitest
  rake
  sinatra
